GEM
  remote: https://rubygems.org/
  specs:
    rake (12.3.1)
    ruby-progressbar (1.9.0)

PLATFORMS
  x86_64-darwin-16

DEPENDENCIES
  rake (= 12.3.1)
  ruby-progressbar (~> 1.9.0)

BUNDLED WITH
   2.3.13
