GEM
  remote: https://rubygems.org/
  specs:
    diff-lcs (1.5.0)
    minitest (5.15.0)
    rspec (3.7.0)
      rspec-core (~> 3.7.0)
      rspec-expectations (~> 3.7.0)
      rspec-mocks (~> 3.7.0)
    rspec-core (3.7.1)
      rspec-support (~> 3.7.0)
    rspec-expectations (3.7.0)
      diff-lcs (>= 1.2.0, < 2.0)
      rspec-support (~> 3.7.0)
    rspec-mocks (3.7.0)
      diff-lcs (>= 1.2.0, < 2.0)
      rspec-support (~> 3.7.0)
    rspec-support (3.7.1)

PLATFORMS
  x86_64-darwin-16

DEPENDENCIES
  minitest
  rspec (~> 3.7.0)

BUNDLED WITH
   2.3.13
